GEM
  remote: https://rubygems.org/
  specs:
    addressable (2.3.8)
    faraday (0.9.2)
      multipart-post (>= 1.2, < 3)
    json-schema (2.6.2)
      addressable (~> 2.3.8)
    multipart-post (2.0.0)

PLATFORMS
  ruby

DEPENDENCIES
  faraday (~> 0.9.2)
  json-schema (~> 2.6)

BUNDLED WITH
   1.12.5
